PATH
  remote: .
  specs:
    hash-joiner (0.0.0)

GEM
  remote: https://rubygems.org/
  specs:
    minitest (5.5.0)
    rake (10.4.2)

PLATFORMS
  ruby

DEPENDENCIES
  hash-joiner!
  minitest
  rake
